GEM
  remote: https://rubygems.org/
  specs:
    addressable (2.4.0)
    bcrypt (3.1.11)
    bcrypt-ruby (3.1.5)
      bcrypt (>= 3.1.3)
    daemons (1.2.4)
    data_mapper (1.2.0)
      dm-aggregates (~> 1.2.0)
      dm-constraints (~> 1.2.0)
      dm-core (~> 1.2.0)
      dm-migrations (~> 1.2.0)
      dm-serializer (~> 1.2.0)
      dm-timestamps (~> 1.2.0)
      dm-transactions (~> 1.2.0)
      dm-types (~> 1.2.0)
      dm-validations (~> 1.2.0)
    data_objects (0.10.17)
      addressable (~> 2.1)
    dm-aggregates (1.2.0)
      dm-core (~> 1.2.0)
    dm-constraints (1.2.0)
      dm-core (~> 1.2.0)
    dm-core (1.2.1)
      addressable (~> 2.3)
    dm-do-adapter (1.2.0)
      data_objects (~> 0.10.6)
      dm-core (~> 1.2.0)
    dm-migrations (1.2.0)
      dm-core (~> 1.2.0)
    dm-postgres-adapter (1.2.0)
      dm-do-adapter (~> 1.2.0)
      do_postgres (~> 0.10.6)
    dm-serializer (1.2.2)
      dm-core (~> 1.2.0)
      fastercsv (~> 1.5)
      json (~> 1.6)
      json_pure (~> 1.6)
      multi_json (~> 1.0)
    dm-timestamps (1.2.0)
      dm-core (~> 1.2.0)
    dm-transactions (1.2.0)
      dm-core (~> 1.2.0)
    dm-types (1.2.2)
      bcrypt-ruby (~> 3.0)
      dm-core (~> 1.2.0)
      fastercsv (~> 1.5)
      json (~> 1.6)
      multi_json (~> 1.0)
      stringex (~> 1.4)
      uuidtools (~> 2.1)
    dm-validations (1.2.0)
      dm-core (~> 1.2.0)
    do_postgres (0.10.17)
      data_objects (= 0.10.17)
    eventmachine (1.2.0.1)
    faraday (0.9.2)
      multipart-post (>= 1.2, < 3)
    faraday_middleware (0.9.2)
      faraday (>= 0.7.4, < 0.10)
    fastercsv (1.5.5)
    foreman (0.82.0)
      thor (~> 0.19.1)
    haml (4.0.7)
      tilt
    hashie (3.4.6)
    json (1.8.3)
    json_pure (1.8.3)
    mime-types (3.1)
      mime-types-data (~> 3.2015)
    mime-types-data (3.2016.0521)
    multi_json (1.12.1)
    multipart-post (2.0.0)
    oauth (0.5.1)
    omniauth (1.3.1)
      hashie (>= 1.2, < 4)
      rack (>= 1.0, < 3)
    omniauth-oauth (1.1.0)
      oauth
      omniauth (~> 1.0)
    omniauth-tumblr (1.2)
      multi_json
      omniauth-oauth (~> 1.0)
    omniauth-twitter (1.2.1)
      json (~> 1.3)
      omniauth-oauth (~> 1.1)
    pg (0.19.0)
    rack (1.6.4)
    rack-protection (1.5.3)
      rack
    simple_oauth (0.3.1)
    sinatra (1.4.7)
      rack (~> 1.5)
      rack-protection (~> 1.4)
      tilt (>= 1.3, < 3)
    stringex (1.5.1)
    thin (1.7.0)
      daemons (~> 1.0, >= 1.0.9)
      eventmachine (~> 1.0, >= 1.0.4)
      rack (>= 1, < 3)
    thor (0.19.1)
    tilt (2.0.5)
    tumblr_client (0.8.5)
      faraday (~> 0.9.0)
      faraday_middleware (~> 0.9.0)
      json
      mime-types
      oauth
      simple_oauth
    uuidtools (2.1.5)

PLATFORMS
  ruby

DEPENDENCIES
  data_mapper
  dm-postgres-adapter
  foreman
  haml
  oauth
  omniauth
  omniauth-tumblr
  omniauth-twitter
  pg
  sinatra
  thin
  tumblr_client

RUBY VERSION
   ruby 2.0.0p648

BUNDLED WITH
   1.13.6
