GEM
  remote: https://rubygems.org/
  specs:
    faraday (0.8.7)
      multipart-post (~> 1.1)
    faraday_middleware (0.9.0)
      faraday (>= 0.7.4, < 0.9)
    haml (4.0.2)
      tilt
    hashie (2.0.4)
    json (1.7.7)
    multi_json (1.7.2)
    multipart-post (1.2.0)
    oauth (0.4.7)
    omniauth (1.1.4)
      hashie (>= 1.2, < 3)
      rack
    omniauth-oauth (1.0.1)
      oauth
      omniauth (~> 1.0)
    omniauth-tumblr (1.1)
      omniauth-oauth (~> 1.0)
    omniauth-twitter (0.0.16)
      multi_json (~> 1.3)
      omniauth-oauth (~> 1.0)
    rack (1.5.2)
    rack-protection (1.4.0)
      rack
    sinatra (1.3.5)
      rack (~> 1.4)
      rack-protection (~> 1.3)
      tilt (~> 1.3, >= 1.3.3)
    tilt (1.3.6)
    tumblr_client (0.7.1)
      faraday (>= 0.8)
      faraday_middleware (>= 0.8)
      json
      oauth

PLATFORMS
  ruby

DEPENDENCIES
  haml
  oauth
  omniauth
  omniauth-tumblr
  omniauth-twitter
  sinatra
  tumblr_client
